GIT
  remote: git://github.com/tomas-stefano/infinity_test.git
  revision: 91d58eb32b312116484d65c70349a2fac58acbec
  specs:
    infinity_test (1.0.3)
      notifiers (= 1.1.0)
      notifiers (>= 1.1.0)
      watchr (= 0.7)
      watchr (>= 0.7)

GEM
  remote: http://rubygems.org/
  specs:
    Ascii85 (1.0.1)
    POpen4 (0.1.4)
      Platform (>= 0.4.0)
      open4
    Platform (0.4.0)
    abstract (1.0.0)
    actionmailer (3.0.11)
      actionpack (= 3.0.11)
      mail (~> 2.2.19)
    actionpack (3.0.11)
      activemodel (= 3.0.11)
      activesupport (= 3.0.11)
      builder (~> 2.1.2)
      erubis (~> 2.6.6)
      i18n (~> 0.5.0)
      rack (~> 1.2.1)
      rack-mount (~> 0.6.14)
      rack-test (~> 0.5.7)
      tzinfo (~> 0.3.23)
<<<<<<< HEAD
<<<<<<< HEAD
    active_reload (0.3.0)
=======
>>>>>>> production
    activemodel (3.0.10)
      activesupport (= 3.0.10)
=======
    activemodel (3.0.11)
      activesupport (= 3.0.11)
>>>>>>> production
      builder (~> 2.1.2)
      i18n (~> 0.5.0)
    activerecord (3.0.11)
      activemodel (= 3.0.11)
      activesupport (= 3.0.11)
      arel (~> 2.0.10)
      tzinfo (~> 0.3.23)
<<<<<<< HEAD
    activeresource (3.0.10)
      activemodel (= 3.0.10)
      activesupport (= 3.0.10)
    activesupport (3.0.10)
<<<<<<< HEAD
    addressable (2.2.4)
=======
=======
    activeresource (3.0.11)
      activemodel (= 3.0.11)
      activesupport (= 3.0.11)
    activesupport (3.0.11)
>>>>>>> production
    addressable (2.2.6)
>>>>>>> production
    archive-tar-minitar (0.5.2)
    arel (2.0.10)
    barista (1.2.1)
      coffee-script (~> 2.2)
    builder (2.1.2)
<<<<<<< HEAD
    capistrano (2.8.0)
=======
    capistrano (2.9.0)
>>>>>>> production
      highline
      net-scp (>= 1.0.0)
      net-sftp (>= 2.0.0)
      net-ssh (>= 2.0.14)
      net-ssh-gateway (>= 1.1.0)
    capistrano-ext (1.2.1)
      capistrano (>= 1.0.0)
<<<<<<< HEAD
<<<<<<< HEAD
=======
    chronic (0.6.4)
=======
    chronic (0.6.6)
>>>>>>> production
    coffee-haml-filter (0.4.0)
      haml
>>>>>>> production
    coffee-script (2.2.0)
      coffee-script-source
      execjs
    coffee-script-source (1.1.3)
    columnize (0.3.5)
    erubis (2.6.6)
      abstract (>= 1.0.0)
<<<<<<< HEAD
    exception_notification (2.4.1)
    execjs (1.2.4)
      multi_json (~> 1.0)
    faker (0.9.5)
      i18n (~> 0.4)
    faraday (0.6.1)
      addressable (~> 2.2.4)
      multipart-post (~> 1.1.0)
      rack (>= 1.1.0, < 2)
    haml (3.1.2)
=======
    exception_notification (2.5.2)
      actionmailer (>= 3.0.4)
    execjs (1.2.9)
      multi_json (~> 1.0)
    faker (1.0.1)
      i18n (~> 0.4)
    faraday (0.7.5)
      addressable (~> 2.2.6)
      multipart-post (~> 1.1.3)
      rack (< 2, >= 1.1.0)
    foreman (0.26.1)
      term-ansicolor (~> 1.0.5)
      thor (>= 0.13.6)
<<<<<<< HEAD
    haml (3.1.3)
>>>>>>> production
    highline (1.6.2)
=======
    haml (3.1.4)
    hashie (1.2.0)
    highline (1.6.8)
>>>>>>> production
    i18n (0.5.0)
    jammit (0.6.5)
      yui-compressor (>= 0.9.3)
<<<<<<< HEAD
<<<<<<< HEAD
    json (1.5.3)
=======
    json (1.6.1)
=======
    json (1.6.3)
>>>>>>> production
    kgio (2.6.0)
>>>>>>> production
    linecache19 (0.5.12)
      ruby_core_source (>= 0.1.4)
    machinist (1.0.6)
    mail (2.2.19)
      activesupport (>= 2.3.6)
      i18n (>= 0.4.0)
      mime-types (~> 1.16)
      treetop (~> 1.4.8)
    memcache-client (1.8.5)
    meta_where (1.0.4)
      activerecord (~> 3.0.0)
      activesupport (~> 3.0.0)
      arel (~> 2.0.7)
    metaclass (0.0.1)
    mime-types (1.17.2)
    mini_magick (3.3)
      subexec (~> 0.1.0)
<<<<<<< HEAD
    mocha (0.9.12)
    multi_json (1.0.3)
    multi_xml (0.2.2)
=======
    mocha (0.10.0)
      metaclass (~> 0.0.1)
<<<<<<< HEAD
    multi_json (1.0.3)
    multi_xml (0.4.1)
>>>>>>> production
    multipart-post (1.1.3)
    mysql2 (0.2.13)
    net-ldap (0.2.2)
=======
    multi_json (1.0.4)
    multipart-post (1.1.4)
    mysql2 (0.2.17)
>>>>>>> production
    net-scp (1.0.4)
      net-ssh (>= 1.99.1)
    net-sftp (2.0.5)
      net-ssh (>= 2.0.9)
<<<<<<< HEAD
    net-ssh (2.2.0)
    net-ssh-gateway (1.1.0)
      net-ssh (>= 1.99.1)
    nokogiri (1.4.7)
=======
    net-ssh (2.2.1)
    net-ssh-gateway (1.1.0)
      net-ssh (>= 1.99.1)
    nokogiri (1.5.0)
>>>>>>> production
    notifiers (1.1.0)
<<<<<<< HEAD
    oa-basic (0.3.2)
      oa-core (= 0.3.2)
      rest-client (~> 1.6.0)
    oa-core (0.3.2)
    oa-enterprise (0.3.2)
      XMLCanonicalizer (~> 1.0.1)
      addressable (~> 2.2.6)
      net-ldap (~> 0.2.2)
      nokogiri (~> 1.5.0)
      oa-core (= 0.3.2)
      pyu-ruby-sasl (~> 0.0.3.1)
      rubyntlm (~> 0.1.1)
      uuid
    oa-more (0.3.2)
      multi_json (~> 1.0.0)
      oa-core (= 0.3.2)
      rest-client (~> 1.6.0)
    oa-oauth (0.3.2)
      faraday (~> 0.7.3)
      multi_json (~> 1.0.0)
      multi_xml (~> 0.4.0)
      oa-core (= 0.3.2)
      oauth (~> 0.4.0)
      oauth2 (~> 0.5.0)
    oa-openid (0.3.2)
      oa-core (= 0.3.2)
      rack-openid (~> 1.3.1)
      ruby-openid-apps-discovery (~> 1.2.0)
    oauth (0.4.5)
<<<<<<< HEAD
    oauth2 (0.4.1)
      faraday (~> 0.6.1)
      multi_json (>= 0.0.5)
    omniauth (0.2.6)
      oa-basic (= 0.2.6)
      oa-core (= 0.2.6)
      oa-enterprise (= 0.2.6)
      oa-more (= 0.2.6)
      oa-oauth (= 0.2.6)
      oa-openid (= 0.2.6)
    open4 (1.1.0)
    polyglot (0.3.2)
    pyu-ruby-sasl (0.0.3.3)
    rack (1.2.3)
=======
=======
>>>>>>> production
    oauth2 (0.5.1)
      faraday (~> 0.7.4)
      multi_json (~> 1.0.3)
    omniauth (1.0.1)
      hashie (~> 1.2)
      rack
    omniauth-facebook (1.0.0)
      omniauth-oauth2 (~> 1.0.0)
    omniauth-oauth2 (1.0.0)
      oauth2 (~> 0.5.0)
      omniauth (~> 1.0)
    open4 (1.3.0)
    pdf-reader (0.10.1)
      Ascii85 (~> 1.0.0)
    polyglot (0.3.3)
    prawn (0.12.0)
      pdf-reader (>= 0.9.0)
      ttfunk (~> 1.0.2)
    rack (1.2.4)
>>>>>>> production
    rack-mount (0.6.14)
      rack (>= 1.0.0)
    rack-test (0.5.7)
      rack (>= 1.0)
    rails (3.0.11)
      actionmailer (= 3.0.11)
      actionpack (= 3.0.11)
      activerecord (= 3.0.11)
      activeresource (= 3.0.11)
      activesupport (= 3.0.11)
      bundler (~> 1.0)
      railties (= 3.0.11)
    railties (3.0.11)
      actionpack (= 3.0.11)
      activesupport (= 3.0.11)
      rake (>= 0.8.7)
      rdoc (~> 3.4)
      thor (~> 0.14.4)
<<<<<<< HEAD
    rake (0.9.2)
    rdoc (3.9.2)
    recaptcha (0.3.1)
    redis (2.2.1)
    redis-namespace (1.0.3)
      redis (< 3.0.0)
    resque (1.17.1)
      json (>= 1.4.6, < 1.6)
      redis-namespace (~> 1.0.2)
      sinatra (>= 0.9.2)
      vegas (~> 0.1.2)
    rest-client (1.6.6)
=======
    raindrops (0.8.0)
    rake (0.9.2.2)
    rdoc (3.11)
      json (~> 1.4)
    recaptcha (0.3.1)
<<<<<<< HEAD
    rest-client (1.6.7)
>>>>>>> production
      mime-types (>= 1.16)
=======
>>>>>>> production
    ruby-debug-base19 (0.11.25)
      columnize (>= 0.3.1)
      linecache19 (>= 0.5.11)
      ruby_core_source (>= 0.1.4)
    ruby-debug19 (0.11.6)
      columnize (>= 0.3.1)
      linecache19 (>= 0.5.11)
      ruby-debug-base19 (>= 0.11.19)
    ruby_core_source (0.1.5)
      archive-tar-minitar (>= 0.5.2)
<<<<<<< HEAD
    rubyntlm (0.1.1)
<<<<<<< HEAD
    sass (3.1.7)
    sinatra (1.2.6)
      rack (~> 1.1)
      tilt (>= 1.2.2, < 2.0)
    subexec (0.1.0)
    thor (0.14.6)
    tilt (1.3.2)
    treetop (1.4.10)
      polyglot
      polyglot (>= 0.3.1)
    tzinfo (0.3.29)
    vegas (0.1.8)
      rack (>= 1.0.0)
=======
    sass (3.1.10)
=======
    sass (3.1.11)
>>>>>>> production
    subexec (0.1.0)
    term-ansicolor (1.0.7)
    thor (0.14.6)
    treetop (1.4.10)
      polyglot
      polyglot (>= 0.3.1)
    ttfunk (1.0.3)
    tzinfo (0.3.31)
    unicorn (4.1.1)
      kgio (~> 2.4)
      rack
      raindrops (~> 0.6)
<<<<<<< HEAD
    uuid (2.3.4)
      macaddr (~> 1.0)
>>>>>>> production
=======
>>>>>>> production
    watchr (0.7)
    webrat (0.7.3)
      nokogiri (>= 1.2.0)
      rack (>= 1.0)
      rack-test (>= 0.5.3)
<<<<<<< HEAD
    whenever (0.6.8)
      aaronh-chronic (>= 0.3.9)
=======
    whenever (0.7.0)
>>>>>>> production
      activesupport (>= 2.3.4)
      chronic (~> 0.6.3)
    yui-compressor (0.9.6)
      POpen4 (>= 0.1.4)

PLATFORMS
  ruby

DEPENDENCIES
  active_reload
  barista
  capistrano
  capistrano-ext
  exception_notification
  faker
  foreman
  haml
  infinity_test!
  jammit
  machinist
  memcache-client
  meta_where
  mini_magick
  mocha
  mysql2 (~> 0.2.7)
  nokogiri
  omniauth
<<<<<<< HEAD
  rails (= 3.0.10)
=======
  omniauth-facebook
  prawn
  rails (~> 3.0)
>>>>>>> production
  recaptcha
  resque
  ruby-debug19
  sass
  unicorn
  webrat
  whenever
